PATH
  remote: .
  specs:
    sequence_logo (1.3.3)
      bioinform (~> 0.3.1)
      rmagick (>= 3.2.0)

GEM
  remote: https://rubygems.org/
  specs:
    bioinform (0.3.1)
    pkg-config (1.5.5)
    rmagick (5.3.0)
      pkg-config (~> 1.4)

PLATFORMS
  ruby

DEPENDENCIES
  sequence_logo!

BUNDLED WITH
   1.17.2
